GEM
  remote: http://rubygems.org/
  specs:
    ZenTest (4.5.0)
    abstract (1.0.0)
    actionmailer (3.0.5)
      actionpack (= 3.0.5)
      mail (~> 2.2.15)
    actionpack (3.0.5)
      activemodel (= 3.0.5)
      activesupport (= 3.0.5)
      builder (~> 2.1.2)
      erubis (~> 2.6.6)
      i18n (~> 0.4)
      rack (~> 1.2.1)
      rack-mount (~> 0.6.13)
      rack-test (~> 0.5.7)
      tzinfo (~> 0.3.23)
    activemodel (3.0.5)
      activesupport (= 3.0.5)
      builder (~> 2.1.2)
      i18n (~> 0.4)
    activerecord (3.0.5)
      activemodel (= 3.0.5)
      activesupport (= 3.0.5)
      arel (~> 2.0.2)
      tzinfo (~> 0.3.23)
    activeresource (3.0.5)
      activemodel (= 3.0.5)
      activesupport (= 3.0.5)
    activesupport (3.0.5)
    alias (0.2.2)
    annotate-models (1.0.4)
    arel (2.0.9)
    autotest-growl (0.2.9)
    awesome_print (0.3.2)
    bond (0.4.0)
    boson (0.3.3)
      alias (>= 0.2.2)
      hirb (>= 0.3.5)
    builder (2.1.2)
    clipboard (0.9.7)
    coderay (0.9.7)
    diff-lcs (1.1.2)
    erubis (2.6.6)
      abstract (>= 1.0.0)
    factory_girl (1.3.3)
    factory_girl_rails (1.0)
      factory_girl (~> 1.3)
      rails (>= 3.0.0.beta4)
    fancy_irb (0.6.5)
      unicode-display_width (>= 0.1.1)
      wirb (>= 0.2.4)
    g (1.4.0)
      ruby-growl (>= 1.0.1)
    gravatar_image_tag (1.0.0.pre2)
    guessmethod (0.2.1)
      rake (>= 0.7)
    hirb (0.4.0)
    i18n (0.5.0)
    interactive_editor (0.0.7)
      spoon (>= 0.0.1)
    irbtools (0.8.6)
      awesome_print (~> 0.3)
      boson (~> 0.3)
      clipboard (>= 0.9.7)
      coderay (~> 0.9)
      fancy_irb (>= 0.6.5)
      g
      guessmethod
      hirb (~> 0.4)
      interactive_editor (>= 0.0.6)
      sketches
      wirb (>= 0.2.4)
      zucker (>= 9)
    mail (2.2.15)
      activesupport (>= 2.3.6)
      i18n (>= 0.4.0)
      mime-types (~> 1.16)
      treetop (~> 1.4.8)
    mime-types (1.16)
    nokogiri (1.4.4)
    nokogiri (1.4.4-x86-mingw32)
    polyglot (0.3.1)
    rack (1.2.1)
    rack-mount (0.6.13)
      rack (>= 1.0.0)
    rack-test (0.5.7)
      rack (>= 1.0)
    rails (3.0.5)
      actionmailer (= 3.0.5)
      actionpack (= 3.0.5)
      activerecord (= 3.0.5)
      activeresource (= 3.0.5)
      activesupport (= 3.0.5)
      bundler (~> 1.0)
      railties (= 3.0.5)
    railties (3.0.5)
      actionpack (= 3.0.5)
      activesupport (= 3.0.5)
      rake (>= 0.8.7)
      thor (~> 0.14.4)
    rake (0.8.7)
    rspec (2.5.0)
      rspec-core (~> 2.5.0)
      rspec-expectations (~> 2.5.0)
      rspec-mocks (~> 2.5.0)
    rspec-core (2.5.1)
    rspec-expectations (2.5.0)
      diff-lcs (~> 1.1.2)
    rspec-mocks (2.5.0)
    rspec-rails (2.5.0)
      actionpack (~> 3.0)
      activesupport (~> 3.0)
      railties (~> 3.0)
      rspec (~> 2.5.0)
    ruby-growl (3.0)
    sketches (0.1.1)
    spoon (0.0.1)
    spork (0.9.0.rc4)
    sqlite3-ruby (1.2.5)
    sqlite3-ruby (1.2.5-x86-mingw32)
    thor (0.14.6)
    treetop (1.4.9)
      polyglot (>= 0.3.1)
    tzinfo (0.3.24)
    unicode-display_width (0.1.1)
    webrat (0.7.1)
      nokogiri (>= 1.2.0)
      rack (>= 1.0)
      rack-test (>= 0.5.3)
    wirb (0.2.4)
    wirble (0.1.3)
    zucker (9)

PLATFORMS
  ruby
  x86-mingw32

DEPENDENCIES
  ZenTest (= 4.5.0)
  annotate-models (= 1.0.4)
  autotest-growl (= 0.2.9)
  bond
  factory_girl_rails (= 1.0)
  gravatar_image_tag (= 1.0.0.pre2)
  irbtools
  rails (= 3.0.5)
  rspec (= 2.5.0)
  rspec-rails (= 2.5.0)
  spork (= 0.9.0.rc4)
  sqlite3-ruby (= 1.2.5)
  webrat (= 0.7.1)
  wirble
